GEM
  remote: https://rubygems.org/
  specs:
    base64 (0.2.0)
    json (2.7.2)
    mustermann (3.0.0)
      ruby2_keywords (~> 0.0.1)
    rack (3.0.10)
    rack-protection (4.0.0)
      base64 (>= 0.1.0)
      rack (>= 3.0.0, < 4)
    rack-session (2.0.0)
      rack (>= 3.0.0)
    rackup (2.1.0)
      rack (>= 3)
      webrick (~> 1.8)
    ruby2_keywords (0.0.5)
    sinatra (4.0.0)
      mustermann (~> 3.0)
      rack (>= 3.0.0, < 4)
      rack-protection (= 4.0.0)
      rack-session (>= 2.0.0, < 3)
      tilt (~> 2.0)
    sqlite3 (1.7.3-x64-mingw-ucrt)
    tilt (2.3.0)
    webrick (1.8.1)

PLATFORMS
  x64-mingw-ucrt

DEPENDENCIES
  json
  rackup (~> 2.1)
  sinatra
  sqlite3

BUNDLED WITH
   2.5.9
